GEM
  specs:
    sqlite3 (1.3.13)

PLATFORMS
  universal-darwin-20

DEPENDENCIES
  sqlite3

BUNDLED WITH
   2.2.14
